PATH
  remote: /Users/dbalatero/oss/midishark
  specs:
    midishark (0.0.1)

GEM
  remote: https://rubygems.org/
  specs:

PLATFORMS
  ruby

DEPENDENCIES
  midishark!
